PATH
  remote: .
  specs:
    workpattern (0.3.4)

GEM
  remote: http://rubygems.org/
  specs:
    rake (0.9.6)

PLATFORMS
  ruby

DEPENDENCIES
  rake (~> 0.9.2)
  workpattern!
