PATH
  remote: .
  specs:
    workpattern (0.5.0)
      sorted_set
      tzinfo

GEM
  remote: http://rubygems.org/
  specs:
    concurrent-ruby (1.1.8)
    minitest (5.14.4)
    rake (13.0.3)
    rbtree (0.4.4)
    set (1.0.1)
    sorted_set (1.0.3)
      rbtree
      set (~> 1.0)
    tzinfo (2.0.4)
      concurrent-ruby (~> 1.0)

PLATFORMS
  x86_64-linux

DEPENDENCIES
  minitest (~> 5.0)
  rake (~> 13.0)
  workpattern!

BUNDLED WITH
   2.2.9
