PATH
  remote: .
  specs:
    workpattern (0.3.0.beta)

GEM
  remote: http://rubygems.org/
  specs:
    rake (0.9.2.2)

PLATFORMS
  ruby

DEPENDENCIES
  rake (~> 0.9.2)
  workpattern!
